PATH
  remote: .
  specs:
    spectus (3.3.1)
      defi (~> 2.0.4)
      expresenter (~> 1.2.0)
      matchi (~> 2.0.0)

GEM
  remote: https://rubygems.org/
  specs:
    ast (2.4.2)
    aw (0.1.12)
    brutal (1.2.0)
    defi (2.0.5)
      aw (~> 0.1.12)
    docile (1.4.0)
    expresenter (1.2.0)
    matchi (2.0.1)
    parallel (1.20.1)
    parser (3.0.1.1)
      ast (~> 2.4.1)
    rainbow (3.0.0)
    rake (13.0.3)
    regexp_parser (2.1.1)
    rexml (3.2.5)
    rubocop (1.15.0)
      parallel (~> 1.10)
      parser (>= 3.0.0.0)
      rainbow (>= 2.2.2, < 4.0)
      regexp_parser (>= 1.8, < 3.0)
      rexml
      rubocop-ast (>= 1.5.0, < 2.0)
      ruby-progressbar (~> 1.7)
      unicode-display_width (>= 1.4.0, < 3.0)
    rubocop-ast (1.7.0)
      parser (>= 3.0.1.1)
    rubocop-md (1.0.1)
      rubocop (>= 1.0)
    rubocop-performance (1.11.3)
      rubocop (>= 1.7.0, < 2.0)
      rubocop-ast (>= 0.4.0)
    rubocop-rake (0.5.1)
      rubocop
    rubocop-thread_safety (0.4.2)
      rubocop (>= 0.53.0)
    ruby-progressbar (1.11.0)
    simplecov (0.21.2)
      docile (~> 1.1)
      simplecov-html (~> 0.11)
      simplecov_json_formatter (~> 0.1)
    simplecov-html (0.12.3)
    simplecov_json_formatter (0.1.3)
    unicode-display_width (2.0.0)
    yard (0.9.26)

PLATFORMS
  ruby

DEPENDENCIES
  brutal
  bundler
  rake
  rubocop-md
  rubocop-performance
  rubocop-rake
  rubocop-thread_safety
  simplecov
  spectus!
  yard

BUNDLED WITH
   2.1.4
